GEM
  remote: http://rubygems.org/
  specs:
    activesupport (3.2.9)
      i18n (~> 0.6)
      multi_json (~> 1.0)
    i18n (0.6.1)
    multi_json (1.5.0)
    rails_apps_composer (2.2.23)
      activesupport (>= 3.0.0)
      i18n
      rake
      thor
    rake (10.0.3)
    thor (0.16.0)

PLATFORMS
  ruby

DEPENDENCIES
  rails_apps_composer
